GEM
  remote: http://rubygems.org/
  specs:
    addressable (2.3.7)
    ansi (1.5.0)
    bcrypt (3.1.9-x64-mingw32)
    bcrypt (3.1.9-x86-mingw32)
    builder (3.2.2)
    daemons (1.2.2)
    em-websocket (0.3.8)
      addressable (>= 2.1.1)
      eventmachine (>= 0.12.9)
      eventmachine (>= 0.12.9)
      eventmachine (>= 0.12.9)
      eventmachine (>= 0.12.9)
      eventmachine (>= 0.12.9)
      eventmachine (>= 0.12.9)
      eventmachine (>= 0.12.9)
      eventmachine (>= 0.12.9)
      eventmachine (>= 0.12.9)
      eventmachine (>= 0.12.9)
      eventmachine (>= 0.12.9)
      eventmachine (>= 0.12.9)
      eventmachine (>= 0.12.9)
      eventmachine (>= 0.12.9)
      eventmachine (>= 0.12.9)
      eventmachine (>= 0.12.9)
      eventmachine (>= 0.12.9)
      eventmachine (>= 0.12.9)
      eventmachine (>= 0.12.9)
      eventmachine (>= 0.12.9)
      eventmachine (>= 0.12.9)
      eventmachine (>= 0.12.9)
      eventmachine (>= 0.12.9)
      eventmachine (>= 0.12.9)
      eventmachine (>= 0.12.9)
      eventmachine (>= 0.12.9)
      eventmachine (>= 0.12.9)
      eventmachine (>= 0.12.9)
      eventmachine (>= 0.12.9)
      eventmachine (>= 0.12.9)
      eventmachine (>= 0.12.9)
      eventmachine (>= 0.12.9)
      eventmachine (>= 0.12.9)
      eventmachine (>= 0.12.9)
      eventmachine (>= 0.12.9)
      eventmachine (>= 0.12.9)
      eventmachine (>= 0.12.9)
      eventmachine (>= 0.12.9)
      eventmachine (>= 0.12.9)
      eventmachine (>= 0.12.9)
      eventmachine (>= 0.12.9)
      eventmachine (>= 0.12.9)
      eventmachine (>= 0.12.9)
      eventmachine (>= 0.12.9)
      eventmachine (>= 0.12.9)
      eventmachine (>= 0.12.9)
      eventmachine (>= 0.12.9)
      eventmachine (>= 0.12.9)
      eventmachine (>= 0.12.9)
      eventmachine (>= 0.12.9)
      eventmachine (>= 0.12.9)
      eventmachine (>= 0.12.9)
      eventmachine (>= 0.12.9)
      eventmachine (>= 0.12.9)
      eventmachine (>= 0.12.9)
      eventmachine (>= 0.12.9)
      eventmachine (>= 0.12.9)
      eventmachine (>= 0.12.9)
      eventmachine (>= 0.12.9)
      eventmachine (>= 0.12.9)
      eventmachine (>= 0.12.9)
      eventmachine (>= 0.12.9)
      eventmachine (>= 0.12.9)
      eventmachine (>= 0.12.9)
      eventmachine (>= 0.12.9)
      eventmachine (>= 0.12.9)
      eventmachine (>= 0.12.9)
      eventmachine (>= 0.12.9)
      eventmachine (>= 0.12.9)
      eventmachine (>= 0.12.9)
      eventmachine (>= 0.12.9)
      eventmachine (>= 0.12.9)
      eventmachine (>= 0.12.9)
      eventmachine (>= 0.12.9)
      eventmachine (>= 0.12.9)
      eventmachine (>= 0.12.9)
      eventmachine (>= 0.12.9)
      eventmachine (>= 0.12.9)
      eventmachine (>= 0.12.9)
      eventmachine (>= 0.12.9)
      eventmachine (>= 0.12.9)
      eventmachine (>= 0.12.9)
      eventmachine (>= 0.12.9)
      eventmachine (>= 0.12.9)
      eventmachine (>= 0.12.9)
      eventmachine (>= 0.12.9)
      eventmachine (>= 0.12.9)
      eventmachine (>= 0.12.9)
      eventmachine (>= 0.12.9)
      eventmachine (>= 0.12.9)
      eventmachine (>= 0.12.9)
      eventmachine (>= 0.12.9)
      eventmachine (>= 0.12.9)
      eventmachine (>= 0.12.9)
      eventmachine (>= 0.12.9)
      eventmachine (>= 0.12.9)
      eventmachine (>= 0.12.9)
      eventmachine (>= 0.12.9)
      eventmachine (>= 0.12.9)
      eventmachine (>= 0.12.9)
      eventmachine (>= 0.12.9)
      eventmachine (>= 0.12.9)
      eventmachine (>= 0.12.9)
      eventmachine (>= 0.12.9)
      eventmachine (>= 0.12.9)
      eventmachine (>= 0.12.9)
      eventmachine (>= 0.12.9)
      eventmachine (>= 0.12.9)
      eventmachine (>= 0.12.9)
      eventmachine (>= 0.12.9)
      eventmachine (>= 0.12.9)
      eventmachine (>= 0.12.9)
      eventmachine (>= 0.12.9)
      eventmachine (>= 0.12.9)
      eventmachine (>= 0.12.9)
      eventmachine (>= 0.12.9)
      eventmachine (>= 0.12.9)
      eventmachine (>= 0.12.9)
      eventmachine (>= 0.12.9)
      eventmachine (>= 0.12.9)
      eventmachine (>= 0.12.9)
      eventmachine (>= 0.12.9)
      eventmachine (>= 0.12.9)
      eventmachine (>= 0.12.9)
      eventmachine (>= 0.12.9)
      eventmachine (>= 0.12.9)
      eventmachine (>= 0.12.9)
      eventmachine (>= 0.12.9)
      eventmachine (>= 0.12.9)
      eventmachine (>= 0.12.9)
      eventmachine (>= 0.12.9)
      eventmachine (>= 0.12.9)
      eventmachine (>= 0.12.9)
      eventmachine (>= 0.12.9)
      eventmachine (>= 0.12.9)
      eventmachine (>= 0.12.9)
      eventmachine (>= 0.12.9)
      eventmachine (>= 0.12.9)
      eventmachine (>= 0.12.9)
      eventmachine (>= 0.12.9)
      eventmachine (>= 0.12.9)
      eventmachine (>= 0.12.9)
      eventmachine (>= 0.12.9)
      eventmachine (>= 0.12.9)
      eventmachine (>= 0.12.9)
      eventmachine (>= 0.12.9)
      eventmachine (>= 0.12.9)
      eventmachine (>= 0.12.9)
      eventmachine (>= 0.12.9)
      eventmachine (>= 0.12.9)
      eventmachine (>= 0.12.9)
      eventmachine (>= 0.12.9)
      eventmachine (>= 0.12.9)
      eventmachine (>= 0.12.9)
      eventmachine (>= 0.12.9)
      eventmachine (>= 0.12.9)
      eventmachine (>= 0.12.9)
      eventmachine (>= 0.12.9)
      eventmachine (>= 0.12.9)
      eventmachine (>= 0.12.9)
      eventmachine (>= 0.12.9)
      eventmachine (>= 0.12.9)
      eventmachine (>= 0.12.9)
      eventmachine (>= 0.12.9)
      eventmachine (>= 0.12.9)
      eventmachine (>= 0.12.9)
      eventmachine (>= 0.12.9)
      eventmachine (>= 0.12.9)
      eventmachine (>= 0.12.9)
      eventmachine (>= 0.12.9)
      eventmachine (>= 0.12.9)
      eventmachine (>= 0.12.9)
      eventmachine (>= 0.12.9)
      eventmachine (>= 0.12.9)
      eventmachine (>= 0.12.9)
      eventmachine (>= 0.12.9)
      eventmachine (>= 0.12.9)
      eventmachine (>= 0.12.9)
      eventmachine (>= 0.12.9)
      eventmachine (>= 0.12.9)
      eventmachine (>= 0.12.9)
      eventmachine (>= 0.12.9)
      eventmachine (>= 0.12.9)
      eventmachine (>= 0.12.9)
      eventmachine (>= 0.12.9)
      eventmachine (>= 0.12.9)
      eventmachine (>= 0.12.9)
      eventmachine (>= 0.12.9)
      eventmachine (>= 0.12.9)
      eventmachine (>= 0.12.9)
      eventmachine (>= 0.12.9)
      eventmachine (>= 0.12.9)
      eventmachine (>= 0.12.9)
      eventmachine (>= 0.12.9)
      eventmachine (>= 0.12.9)
      eventmachine (>= 0.12.9)
      eventmachine (>= 0.12.9)
      eventmachine (>= 0.12.9)
      eventmachine (>= 0.12.9)
      eventmachine (>= 0.12.9)
      eventmachine (>= 0.12.9)
      eventmachine (>= 0.12.9)
      eventmachine (>= 0.12.9)
      eventmachine (>= 0.12.9)
      eventmachine (>= 0.12.9)
      eventmachine (>= 0.12.9)
      eventmachine (>= 0.12.9)
      eventmachine (>= 0.12.9)
      eventmachine (>= 0.12.9)
      eventmachine (>= 0.12.9)
      eventmachine (>= 0.12.9)
      eventmachine (>= 0.12.9)
      eventmachine (>= 0.12.9)
      eventmachine (>= 0.12.9)
      eventmachine (>= 0.12.9)
      eventmachine (>= 0.12.9)
      eventmachine (>= 0.12.9)
      eventmachine (>= 0.12.9)
      eventmachine (>= 0.12.9)
      eventmachine (>= 0.12.9)
      eventmachine (>= 0.12.9)
      eventmachine (>= 0.12.9)
      eventmachine (>= 0.12.9)
      eventmachine (>= 0.12.9)
      eventmachine (>= 0.12.9)
      eventmachine (>= 0.12.9)
      eventmachine (>= 0.12.9)
      eventmachine (>= 0.12.9)
    eventmachine (1.0.7)
    minitest (5.6.1)
    minitest-reporters (1.0.13)
      ansi
      builder
      minitest (>= 5.0)
      ruby-progressbar
    pg (0.18.1-x64-mingw32)
    pg (0.18.1-x86-mingw32)
    rack (1.6.0)
    rack-protection (1.5.3)
      rack
    ruby-progressbar (1.7.5)
    sequel (4.20.0)
    sinatra (1.4.5)
      rack (~> 1.4)
      rack-protection (~> 1.4)
      tilt (~> 1.3, >= 1.3.4)
    sinatra-websocket (0.3.1)
      em-websocket (~> 0.3.6)
      eventmachine
      thin (>= 1.3.1, < 2.0.0)
    thin (1.6.3)
      daemons (~> 1.0, >= 1.0.9)
      eventmachine (~> 1.0)
      rack (~> 1.0)
    tilt (1.4.1)

PLATFORMS
  x64-mingw32
  x86-mingw32

DEPENDENCIES
  bcrypt (= 3.1.9)
  minitest
  minitest-reporters
  pg
  sequel
  sinatra
  sinatra-websocket
